GIT
  remote: https://github.com/alphagov/rails-i18n.git
  revision: 67ce6ca672ea05457a48c152ba9478b0755d6e94
  branch: welsh_updates
  specs:
    rails-i18n (0.7.1)
      i18n (~> 0.5)

PATH
  remote: ../gds-api-adapters
  specs:
    gds-api-adapters (24.1.0)
      link_header
      lrucache (~> 0.1.1)
      null_logger
      plek
      rack-cache
      rest-client (~> 1.8.0)

GEM
  remote: https://rubygems.org/
  specs:
    PriorityQueue (0.1.2)
    actionmailer (3.2.22)
      actionpack (= 3.2.22)
      mail (~> 2.5.4)
    actionpack (3.2.22)
      activemodel (= 3.2.22)
      activesupport (= 3.2.22)
      builder (~> 3.0.0)
      erubis (~> 2.7.0)
      journey (~> 1.0.4)
      rack (~> 1.4.5)
      rack-cache (~> 1.2)
      rack-test (~> 0.6.1)
      sprockets (~> 2.2.1)
    activemodel (3.2.22)
      activesupport (= 3.2.22)
      builder (~> 3.0.0)
    activerecord (3.2.22)
      activemodel (= 3.2.22)
      activesupport (= 3.2.22)
      arel (~> 3.0.2)
      tzinfo (~> 0.3.29)
    activeresource (3.2.22)
      activemodel (= 3.2.22)
      activesupport (= 3.2.22)
    activesupport (3.2.22)
      i18n (~> 0.6, >= 0.6.4)
      multi_json (~> 1.0)
    addressable (2.3.2)
    airbrake (3.1.15)
      builder
      multi_json
    arel (3.0.3)
    better_errors (2.1.1)
      coderay (>= 1.0.0)
      erubis (>= 2.6.6)
      rack (>= 0.9.0)
    binding_of_caller (0.7.2)
      debug_inspector (>= 0.0.1)
    builder (3.0.4)
    capybara (2.1.0)
      mime-types (>= 1.16)
      nokogiri (>= 1.3.3)
      rack (>= 1.0.0)
      rack-test (>= 0.5.4)
      xpath (~> 2.0)
    cdn_helpers (0.9)
      actionpack
      nokogiri
    ci_reporter (1.7.3)
      builder (>= 2.1.2)
    coderay (1.1.0)
    crack (0.3.1)
    debug_inspector (0.0.2)
    domain_name (0.5.24)
      unf (>= 0.0.5, < 1.0.0)
    erubis (2.7.0)
    eventmachine (1.0.3)
    execjs (1.4.0)
      multi_json (~> 1.0)
    faye-websocket (0.4.7)
      eventmachine (>= 0.12.0)
    gelf (1.3.2)
      json
    govuk_frontend_toolkit (4.1.0)
      rails (>= 3.1.0)
      sass (>= 3.2.0)
    hike (1.2.3)
    htmlentities (4.3.1)
    http-cookie (1.0.2)
      domain_name (~> 0.5)
    http_parser.rb (0.5.3)
    i18n (0.7.0)
    invalid_utf8_rejector (0.0.1)
      rack (~> 1.0)
    journey (1.0.4)
    json (1.8.3)
    kgio (2.8.0)
    launchy (2.1.2)
      addressable (~> 2.3)
    libv8 (3.16.14.11)
    link_header (0.0.8)
    logstash-event (1.1.5)
    logstasher (0.4.8)
      logstash-event (~> 1.1.0)
    lrucache (0.1.4)
      PriorityQueue (~> 0.1.2)
    mail (2.5.4)
      mime-types (~> 1.16)
      treetop (~> 1.4.8)
    metaclass (0.0.1)
    method_source (0.8.2)
    mime-types (1.25.1)
    mocha (0.13.3)
      metaclass (~> 0.0.1)
    multi_json (1.11.1)
    mustache (1.0.2)
    netrc (0.10.3)
    nokogiri (1.5.5)
    null_logger (0.0.1)
    plek (1.11.0)
    poltergeist (1.3.0)
      capybara (~> 2.1.0)
      faye-websocket (>= 0.4.4, < 0.5.0)
      http_parser.rb (~> 0.5.3)
    polyglot (0.3.5)
    pry (0.10.1)
      coderay (~> 1.1.0)
      method_source (~> 0.8.1)
      slop (~> 3.4)
    quiet_assets (1.0.1)
      railties (~> 3.1)
    rack (1.4.6)
    rack-cache (1.2)
      rack (>= 0.4)
    rack-ssl (1.3.4)
      rack
    rack-test (0.6.3)
      rack (>= 1.0)
    rack_strip_client_ip (0.0.1)
    rails (3.2.22)
      actionmailer (= 3.2.22)
      actionpack (= 3.2.22)
      activerecord (= 3.2.22)
      activeresource (= 3.2.22)
      activesupport (= 3.2.22)
      bundler (~> 1.0)
      railties (= 3.2.22)
    railties (3.2.22)
      actionpack (= 3.2.22)
      activesupport (= 3.2.22)
      rack-ssl (~> 1.3.2)
      rake (>= 0.8.7)
      rdoc (~> 3.4)
      thor (>= 0.14.6, < 2.0)
    raindrops (0.11.0)
    rake (10.4.2)
    rdoc (3.12.2)
      json (~> 1.4)
    ref (1.0.5)
    rest-client (1.8.0)
      http-cookie (>= 1.0.2, < 2.0)
      mime-types (>= 1.16, < 3.0)
      netrc (~> 0.7)
    sass (3.3.14)
    sass-rails (3.2.6)
      railties (~> 3.2.0)
      sass (>= 3.1.10)
      tilt (~> 1.3)
    shared_mustache (1.0.0)
      execjs (>= 1.2.4)
      mustache (~> 1.0.2)
    shoulda (3.3.1)
      shoulda-context (~> 1.0)
      shoulda-matchers (~> 1.4.1)
    shoulda-context (1.0.1)
    shoulda-matchers (1.4.1)
      activesupport (>= 3.0.0)
    simplecov (0.7.1)
      multi_json (~> 1.0)
      simplecov-html (~> 0.7.1)
    simplecov-html (0.7.1)
    simplecov-rcov (0.2.3)
      simplecov (>= 0.4.1)
    slimmer (9.0.0)
      activesupport
      json
      nokogiri (>= 1.5.0, < 1.7.0)
      null_logger
      plek (>= 1.1.0)
      rack (>= 1.3.5)
      rest-client
    slop (3.6.0)
    sprockets (2.2.3)
      hike (~> 1.2)
      multi_json (~> 1.0)
      rack (~> 1.0)
      tilt (~> 1.1, != 1.3.0)
    statsd-ruby (1.0.0)
    test-unit (2.5.2)
    therubyracer (0.12.2)
      libv8 (~> 3.16.14.0)
      ref
    thor (0.19.1)
    tilt (1.4.1)
    timecop (0.6.3)
    treetop (1.4.15)
      polyglot
      polyglot (>= 0.3.1)
    tzinfo (0.3.44)
    uglifier (1.3.0)
      execjs (>= 0.3.0)
      multi_json (~> 1.0, >= 1.0.2)
    uk_postcode (2.1.0)
    unf (0.1.4)
      unf_ext
    unf_ext (0.0.7.1)
    unicorn (4.6.3)
      kgio (~> 2.6)
      rack
      raindrops (~> 0.7)
    webmock (1.8.11)
      addressable (>= 2.2.7)
      crack (>= 0.1.7)
    xpath (2.0.0)
      nokogiri (~> 1.3)

PLATFORMS
  ruby

DEPENDENCIES
  addressable
  airbrake (= 3.1.15)
  better_errors
  binding_of_caller
  capybara (= 2.1.0)
  cdn_helpers (= 0.9)
  ci_reporter
  gds-api-adapters!
  gelf
  govuk_frontend_toolkit (~> 4.1.0)
  htmlentities (= 4.3.1)
  invalid_utf8_rejector (= 0.0.1)
  launchy
  logstasher (= 0.4.8)
  mocha (= 0.13.3)
  plek (= 1.11.0)
  poltergeist (= 1.3.0)
  pry
  quiet_assets
  rack_strip_client_ip (= 0.0.1)
  rails (= 3.2.22)
  rails-i18n!
  sass (= 3.3.14)
  sass-rails (= 3.2.6)
  shared_mustache (= 1.0.0)
  shoulda
  simplecov
  simplecov-rcov
  slimmer (= 9.0.0)
  statsd-ruby (= 1.0.0)
  test-unit
  therubyracer (= 0.12.2)
  timecop (= 0.6.3)
  uglifier
  uk_postcode (= 2.1.0)
  unicorn (= 4.6.3)
  webmock

BUNDLED WITH
   1.10.6
